GIT
  remote: git://github.com/HipByte/motion-cocoapods.git
  revision: fcdfc7a6f2b444524ac736a7bb50d7405213041a
  specs:
    motion-cocoapods (1.5.0)
      cocoapods (>= 0.32.1)

GIT
  remote: git://github.com/HipByte/motion-testflight.git
  revision: 0ea5302597b71219fc8f1a94fb26fb410c23c766
  specs:
    motion-testflight (1.5.1)

GIT
  remote: git://github.com/clearsightstudio/ProMotion.git
  revision: 2e183002a724703dc6e2c330759aecc5920933d6
  specs:
    ProMotion (1.2.0)
      methadone (~> 1.3)
      motion-require (~> 0.2)

GIT
  remote: git://github.com/rubymotion/BubbleWrap.git
  revision: 9c9c7c117c7d9275ad9faeec9b0825e4f41f6041
  specs:
    bubble-wrap (1.6.0)
      bubble-wrap-http (= 1.6.0)

GIT
  remote: git://github.com/rubymotion/motion-kit.git
  revision: 0be92245c694b94ce7bb1f7cdb5da8188d45eebf
  specs:
    motion-kit (0.10.0)
      dbt

GIT
  remote: git://github.com/rubymotion/sugarcube.git
  revision: fb7e55b3b1f8e38e68c8f2315507fe8640c32c6d
  specs:
    sugarcube (1.6.1)

GIT
  remote: git://github.com/usepropeller/afmotion.git
  revision: 05f6cb4d2fbff3fd7f077e23fe1ea8cb00b769e0
  specs:
    afmotion (2.1.4)
      motion-cocoapods (>= 1.4.1)
      motion-require (>= 0.1)

GEM
  remote: https://rubygems.org/
  specs:
    activesupport (3.2.18)
      i18n (~> 0.6, >= 0.6.4)
      multi_json (~> 1.0)
    bubble-wrap-http (1.6.0)
    claide (0.6.1)
    cocoapods (0.33.1)
      activesupport (>= 3.2.15, < 4)
      claide (~> 0.6.1)
      cocoapods-core (= 0.33.1)
      cocoapods-downloader (~> 0.6.1)
      cocoapods-plugins (~> 0.2.0)
      cocoapods-trunk (~> 0.1.1)
      cocoapods-try (~> 0.3.0)
      colored (~> 1.2)
      escape (~> 0.0.4)
      json_pure (~> 1.8)
      nap (~> 0.7)
      open4 (~> 1.3)
      xcodeproj (~> 0.17.0)
    cocoapods-core (0.33.1)
      activesupport (>= 3.2.15)
      fuzzy_match (~> 2.0.4)
      json_pure (~> 1.8)
      nap (~> 0.5)
    cocoapods-downloader (0.6.1)
    cocoapods-plugins (0.2.0)
      nap
    cocoapods-trunk (0.1.3)
      json_pure (~> 1.8)
      nap (>= 0.6)
      netrc
    cocoapods-try (0.3.0)
    colored (1.2)
    dbt (1.1.4)
    escape (0.0.4)
    fuzzy_match (2.0.4)
    i18n (0.6.9)
    json_pure (1.8.1)
    methadone (1.4.0)
      bundler
    motion-require (0.2.0)
    multi_json (1.10.1)
    nap (0.7.0)
    netrc (0.7.7)
    open4 (1.3.4)
    rake (10.3.2)
    xcodeproj (0.17.0)
      activesupport (~> 3.0)
      colored (~> 1.2)

PLATFORMS
  ruby

DEPENDENCIES
  ProMotion!
  afmotion!
  bubble-wrap!
  motion-cocoapods!
  motion-kit!
  motion-testflight!
  rake
  sugarcube!
